GIT
  remote: https://github.com/ncbo/ncbo_resolver.git
  revision: 67989c445e53e019b3b3fa4905e0aa9d519df0ed
  specs:
    ncbo_resolver (0.0.1)
      recursive-open-struct
      redis

GIT
  remote: https://github.com/ncbo/ontologies_api_ruby_client.git
  revision: bca36c5740d4f88fbfb572405b82718a68dead1f
  branch: master
  specs:
    ontologies_api_client (0.0.6)
      activesupport (~> 4.2.1)
      excon
      faraday
      lz4-ruby
      multi_json
      oj
      spawnling

GIT
  remote: https://github.com/planio-gmbh/rackstash.git
  revision: 93a1cc1fb74b11f213012a516389420320c9ef98
  specs:
    rackstash (0.0.1)
      activesupport
      logstash-event (< 1.2.0)
      thor

GEM
  remote: https://rubygems.org/
  specs:
    actionmailer (4.2.1)
      actionpack (= 4.2.1)
      actionview (= 4.2.1)
      activejob (= 4.2.1)
      mail (~> 2.5, >= 2.5.4)
      rails-dom-testing (~> 1.0, >= 1.0.5)
    actionpack (4.2.1)
      actionview (= 4.2.1)
      activesupport (= 4.2.1)
      rack (~> 1.6)
      rack-test (~> 0.6.2)
      rails-dom-testing (~> 1.0, >= 1.0.5)
      rails-html-sanitizer (~> 1.0, >= 1.0.1)
    actionview (4.2.1)
      activesupport (= 4.2.1)
      builder (~> 3.1)
      erubis (~> 2.7.0)
      rails-dom-testing (~> 1.0, >= 1.0.5)
      rails-html-sanitizer (~> 1.0, >= 1.0.1)
    activejob (4.2.1)
      activesupport (= 4.2.1)
      globalid (>= 0.3.0)
    activemodel (4.2.1)
      activesupport (= 4.2.1)
      builder (~> 3.1)
    activerecord (4.2.1)
      activemodel (= 4.2.1)
      activesupport (= 4.2.1)
      arel (~> 6.0)
    activesupport (4.2.1)
      i18n (~> 0.7)
      json (~> 1.7, >= 1.7.7)
      minitest (~> 5.1)
      thread_safe (~> 0.3, >= 0.3.4)
      tzinfo (~> 1.1)
    arel (6.0.0)
    builder (3.2.2)
    coderay (1.1.0)
    coffee-rails (4.1.0)
      coffee-script (>= 2.2.0)
      railties (>= 4.0.0, < 5.0)
    coffee-script (2.4.1)
      coffee-script-source
      execjs
    coffee-script-source (1.9.1.1)
    cube-ruby (0.0.3)
    dalli (2.7.4)
    domain_name (0.5.24)
      unf (>= 0.0.5, < 1.0.0)
    duktape (1.2.1.0)
    erubis (2.7.0)
    excon (0.45.3)
    execjs (2.5.2)
    faraday (0.9.1)
      multipart-post (>= 1.2, < 3)
    fast_stack (0.1.0)
      rake
      rake-compiler
    flamegraph (0.1.0)
      fast_stack
    globalid (0.3.5)
      activesupport (>= 4.1.0)
    haml (4.0.6)
      tilt
    hpricot (0.8.6)
    http-cookie (1.0.2)
      domain_name (~> 0.5)
    i18n (0.7.0)
    iconv (1.0.4)
    jquery-rails (4.0.4)
      rails-dom-testing (~> 1.0)
      railties (>= 4.2.0)
      thor (>= 0.14, < 2.0)
    jquery-ui-rails (5.0.5)
      railties (>= 3.2.16)
    json (1.8.3)
    kgio (2.9.3)
    logstash-event (1.1.5)
    logstash-logger (0.3.0)
      logstash-event
    loofah (2.0.2)
      nokogiri (>= 1.5.9)
    lz4-ruby (0.3.3)
    mail (2.6.3)
      mime-types (>= 1.16, < 3)
    memcache-client (1.8.5)
    method_source (0.8.2)
    mime-types (2.6.1)
    mini_portile (0.6.2)
    minitest (5.7.0)
    multi_json (1.11.1)
    multipart-post (2.0.0)
    mysql (2.9.1)
    netrc (0.10.3)
    nokogiri (1.6.6.2)
      mini_portile (~> 0.6.0)
    oj (2.12.9)
    pry (0.10.1)
      coderay (~> 1.1.0)
      method_source (~> 0.8.1)
      slop (~> 3.4)
    rack (1.6.4)
    rack-mini-profiler (0.9.3)
      rack (>= 1.1.3)
    rack-test (0.6.3)
      rack (>= 1.0)
    rails (4.2.1)
      actionmailer (= 4.2.1)
      actionpack (= 4.2.1)
      actionview (= 4.2.1)
      activejob (= 4.2.1)
      activemodel (= 4.2.1)
      activerecord (= 4.2.1)
      activesupport (= 4.2.1)
      bundler (>= 1.3.0, < 2.0)
      railties (= 4.2.1)
      sprockets-rails
    rails-deprecated_sanitizer (1.0.3)
      activesupport (>= 4.2.0.alpha)
    rails-dom-testing (1.0.6)
      activesupport (>= 4.2.0.beta, < 5.0)
      nokogiri (~> 1.6.0)
      rails-deprecated_sanitizer (>= 1.0.1)
    rails-html-sanitizer (1.0.2)
      loofah (~> 2.0)
    rails_autolink (1.1.6)
      rails (> 3.1)
    railties (4.2.1)
      actionpack (= 4.2.1)
      activesupport (= 4.2.1)
      rake (>= 0.8.7)
      thor (>= 0.18.1, < 2.0)
    raindrops (0.13.0)
    rake (10.4.2)
    rake-compiler (0.9.5)
      rake
    rdoc (4.2.0)
    recaptcha (0.4.0)
    recursive-open-struct (0.6.4)
    redis (3.2.1)
    rest-client (1.8.0)
      http-cookie (>= 1.0.2, < 2.0)
      mime-types (>= 1.16, < 3.0)
      netrc (~> 0.7)
    sass (3.4.15)
    sass-rails (5.0.3)
      railties (>= 4.0.0, < 5.0)
      sass (~> 3.1)
      sprockets (>= 2.8, < 4.0)
      sprockets-rails (>= 2.0, < 4.0)
      tilt (~> 1.1)
    slop (3.6.0)
    spawnling (2.1.6)
    sprockets (3.2.0)
      rack (~> 1.0)
    sprockets-rails (2.3.2)
      actionpack (>= 3.0)
      activesupport (>= 3.0)
      sprockets (>= 2.8, < 4.0)
    stackprof (0.2.7)
    thor (0.19.1)
    thread_safe (0.3.5)
    tilt (1.4.1)
    tzinfo (1.2.2)
      thread_safe (~> 0.1)
    uglifier (2.7.1)
      execjs (>= 0.3.0)
      json (>= 1.8.0)
    unf (0.1.4)
      unf_ext
    unf_ext (0.0.7.1)
    unicorn (4.9.0)
      kgio (~> 2.6)
      rack
      raindrops (~> 0.7)
    will_paginate (3.0.7)

PLATFORMS
  ruby

DEPENDENCIES
  coffee-rails (~> 4.1.0)
  cube-ruby
  dalli
  duktape
  flamegraph
  haml (~> 4.0.0)
  hpricot (~> 0.8.6)
  i18n (~> 0)
  iconv
  jquery-rails
  jquery-ui-rails
  logstash-logger
  memcache-client (~> 1.8.5)
  multi_json
  mysql (~> 2.9.1)
  ncbo_resolver!
  oj
  ontologies_api_client!
  pry
  rack-mini-profiler
  rackstash!
  rails (= 4.2.1)
  rails_autolink
  rdoc
  recaptcha (= 0.4.0)
  rest-client (~> 1.8.0)
  sass-rails (~> 5.0)
  stackprof
  uglifier (>= 1.0.3)
  unicorn
  will_paginate (~> 3.0)
